GEM
  remote: https://rubygems.org/
  specs:
    bourbon (4.2.7)
      sass (~> 3.4)
      thor (~> 0.19)
    sass (3.4.22)
    thor (0.19.1)

PLATFORMS
  x86-mingw32

DEPENDENCIES
  bourbon
  sass

BUNDLED WITH
   1.15.0
